GEM
  remote: https://rubygems.org/
  specs:
    base64 (0.2.0)
    ostruct (0.6.1)
    rake (13.2.1)
    rexml (3.4.0)
    rss (0.3.1)
      rexml
    timezone (1.3.28)
      ostruct (~> 0.6)

PLATFORMS
  arm64-darwin-24
  ruby

DEPENDENCIES
  base64 (~> 0.2.0)
  rake (~> 13.2)
  rss (~> 0.3.1)
  timezone (~> 1.3)

BUNDLED WITH
   2.6.2
